PATH
  remote: .
  specs:
    barsoom_utils (0.0.1)

GEM
  remote: https://rubygems.org/
  specs:
    rake (10.3.2)

PLATFORMS
  ruby

DEPENDENCIES
  barsoom_utils!
  bundler (~> 1.6)
  rake
