PATH
  remote: .
  specs:
    barsoom_utils (0.1.0)
      attr_extras
      lolcat
      redis

GEM
  remote: https://rubygems.org/
  specs:
    attr_extras (4.5.0)
    diff-lcs (1.2.5)
    lolcat (42.1.43)
      paint (~> 1.0.0)
      trollop (~> 2.1.2)
    paint (1.0.1)
    rake (11.1.2)
    redis (3.3.0)
    rspec (3.4.0)
      rspec-core (~> 3.4.0)
      rspec-expectations (~> 3.4.0)
      rspec-mocks (~> 3.4.0)
    rspec-core (3.4.4)
      rspec-support (~> 3.4.0)
    rspec-expectations (3.4.0)
      diff-lcs (>= 1.2.0, < 2.0)
      rspec-support (~> 3.4.0)
    rspec-mocks (3.4.1)
      diff-lcs (>= 1.2.0, < 2.0)
      rspec-support (~> 3.4.0)
    rspec-support (3.4.1)
    trollop (2.1.2)

PLATFORMS
  ruby

DEPENDENCIES
  barsoom_utils!
  bundler (~> 1.6)
  rake
  rspec

BUNDLED WITH
   1.11.2
